GEM
  remote: https://rubygems.org/
  specs:
    rake (10.0.4)

PLATFORMS
  ruby

DEPENDENCIES
  rake (~> 10.0.4)

BUNDLED WITH
   1.16.3
